GEM
  remote: https://rubygems.org/
  specs:
    actioncable (6.1.0)
      actionpack (= 6.1.0)
      activesupport (= 6.1.0)
      nio4r (~> 2.0)
      websocket-driver (>= 0.6.1)
    actionmailbox (6.1.0)
      actionpack (= 6.1.0)
      activejob (= 6.1.0)
      activerecord (= 6.1.0)
      activestorage (= 6.1.0)
      activesupport (= 6.1.0)
      mail (>= 2.7.1)
    actionmailer (6.1.0)
      actionpack (= 6.1.0)
      actionview (= 6.1.0)
      activejob (= 6.1.0)
      activesupport (= 6.1.0)
      mail (~> 2.5, >= 2.5.4)
      rails-dom-testing (~> 2.0)
    actionpack (6.1.0)
      actionview (= 6.1.0)
      activesupport (= 6.1.0)
      rack (~> 2.0, >= 2.0.9)
      rack-test (>= 0.6.3)
      rails-dom-testing (~> 2.0)
      rails-html-sanitizer (~> 1.0, >= 1.2.0)
    actiontext (6.1.0)
      actionpack (= 6.1.0)
      activerecord (= 6.1.0)
      activestorage (= 6.1.0)
      activesupport (= 6.1.0)
      nokogiri (>= 1.8.5)
    actionview (6.1.0)
      activesupport (= 6.1.0)
      builder (~> 3.1)
      erubi (~> 1.4)
      rails-dom-testing (~> 2.0)
      rails-html-sanitizer (~> 1.1, >= 1.2.0)
    activejob (6.1.0)
      activesupport (= 6.1.0)
      globalid (>= 0.3.6)
    activemodel (6.1.0)
      activesupport (= 6.1.0)
    activerecord (6.1.0)
      activemodel (= 6.1.0)
      activesupport (= 6.1.0)
    activestorage (6.1.0)
      actionpack (= 6.1.0)
      activejob (= 6.1.0)
      activerecord (= 6.1.0)
      activesupport (= 6.1.0)
      marcel (~> 0.3.1)
      mimemagic (~> 0.3.2)
    activesupport (6.1.0)
      concurrent-ruby (~> 1.0, >= 1.0.2)
      i18n (>= 1.6, < 2)
      minitest (>= 5.1)
      tzinfo (~> 2.0)
      zeitwerk (~> 2.3)
    addressable (2.8.1)
      public_suffix (>= 2.0.2, < 6.0)
    autoprefixer-rails (10.4.7.0)
      execjs (~> 2)
    av (0.9.0)
      cocaine (~> 0.5.3)
    aws_cf_signer (0.1.3)
    bcrypt (3.1.18)
    bindex (0.8.1)
    bootsnap (1.13.0)
      msgpack (~> 1.2)
    bootstrap-sass (3.4.1)
      autoprefixer-rails (>= 5.2.1)
      sassc (>= 2.0.0)
    builder (3.2.4)
    byebug (11.1.3)
    carrierwave (2.2.0)
      activemodel (>= 5.0.0)
      activesupport (>= 5.0.0)
      addressable (~> 2.6)
      image_processing (~> 1.1)
      mimemagic (>= 0.3.0)
      mini_mime (>= 0.1.3)
      ssrf_filter (~> 1.0)
    climate_control (0.2.0)
    cloudinary (1.9.1)
      aws_cf_signer
      rest-client
    cocaine (0.5.8)
      climate_control (>= 0.0.3, < 1.0)
    coderay (1.1.3)
    concurrent-ruby (1.1.10)
    connection_pool (2.3.0)
    crass (1.0.6)
    devise (4.8.1)
      bcrypt (~> 3.0)
      orm_adapter (~> 0.1)
      railties (>= 4.1.0)
      responders
      warden (~> 1.2.3)
    domain_name (0.5.20190701)
      unf (>= 0.0.5, < 1.0.0)
    dotenv (2.8.1)
    dotenv-rails (2.8.1)
      dotenv (= 2.8.1)
      railties (>= 3.2)
    erubi (1.11.0)
    execjs (2.8.1)
    ffi (1.15.5)
    font-awesome-sass (5.5.0.1)
      sassc (>= 1.11)
    globalid (1.0.0)
      activesupport (>= 5.0)
    http-accept (1.7.0)
    http-cookie (1.0.5)
      domain_name (~> 0.5)
    i18n (1.12.0)
      concurrent-ruby (~> 1.0)
    image_processing (1.12.2)
      mini_magick (>= 4.9.5, < 5)
      ruby-vips (>= 2.0.17, < 3)
    jbuilder (2.11.5)
      actionview (>= 5.0.0)
      activesupport (>= 5.0.0)
    jquery-rails (4.5.0)
      rails-dom-testing (>= 1, < 3)
      railties (>= 4.2.0)
      thor (>= 0.14, < 2.0)
    listen (3.0.8)
      rb-fsevent (~> 0.9, >= 0.9.4)
      rb-inotify (~> 0.9, >= 0.9.7)
    loofah (2.19.0)
      crass (~> 1.0.2)
      nokogiri (>= 1.5.9)
    mail (2.7.1)
      mini_mime (>= 0.1.1)
    mail_form (1.9.0)
      actionmailer (>= 5.2)
      activemodel (>= 5.2)
    marcel (0.3.3)
      mimemagic (~> 0.3.2)
    method_source (1.0.0)
    mime-types (3.4.1)
      mime-types-data (~> 3.2015)
    mime-types-data (3.2022.0105)
    mimemagic (0.3.10)
      nokogiri (~> 1)
      rake
    mini_magick (4.11.0)
    mini_mime (1.1.2)
    minitest (5.16.3)
    msgpack (1.5.6)
    netrc (0.11.0)
    nio4r (2.5.8)
    nokogiri (1.13.9-arm64-darwin)
      racc (~> 1.4)
    nokogiri (1.13.9-x86_64-linux)
      racc (~> 1.4)
    orm_adapter (0.5.0)
    paperclip (6.0.0)
      activemodel (>= 4.2.0)
      activesupport (>= 4.2.0)
      mime-types
      mimemagic (~> 0.3.0)
      terrapin (~> 0.6.0)
    paperclip-av-transcoder (0.6.4)
      av (~> 0.9.0)
      paperclip (>= 2.5.2)
    pg (1.4.3)
    pry (0.14.1)
      coderay (~> 1.1)
      method_source (~> 1.0)
    pry-byebug (3.10.1)
      byebug (~> 11.0)
      pry (>= 0.13, < 0.15)
    pry-rails (0.3.9)
      pry (>= 0.10.4)
    psych (3.3.4)
    public_suffix (5.0.0)
    puma (5.6.5)
      nio4r (~> 2.0)
    racc (1.6.0)
    rack (2.2.4)
    rack-proxy (0.7.4)
      rack
    rack-test (2.0.2)
      rack (>= 1.3)
    rails (6.1.0)
      actioncable (= 6.1.0)
      actionmailbox (= 6.1.0)
      actionmailer (= 6.1.0)
      actionpack (= 6.1.0)
      actiontext (= 6.1.0)
      actionview (= 6.1.0)
      activejob (= 6.1.0)
      activemodel (= 6.1.0)
      activerecord (= 6.1.0)
      activestorage (= 6.1.0)
      activesupport (= 6.1.0)
      bundler (>= 1.15.0)
      railties (= 6.1.0)
      sprockets-rails (>= 2.0.0)
    rails-dom-testing (2.0.3)
      activesupport (>= 4.2.0)
      nokogiri (>= 1.6)
    rails-html-sanitizer (1.4.3)
      loofah (~> 2.3)
    railties (6.1.0)
      actionpack (= 6.1.0)
      activesupport (= 6.1.0)
      method_source
      rake (>= 0.8.7)
      thor (~> 1.0)
    rake (13.0.6)
    rb-fsevent (0.11.2)
    rb-inotify (0.10.1)
      ffi (~> 1.0)
    redis (5.0.5)
      redis-client (>= 0.9.0)
    redis-client (0.9.0)
      connection_pool
    responders (3.0.1)
      actionpack (>= 5.0)
      railties (>= 5.0)
    rest-client (2.1.0)
      http-accept (>= 1.7.0, < 2.0)
      http-cookie (>= 1.0.2, < 2.0)
      mime-types (>= 1.16, < 4.0)
      netrc (~> 0.8)
    ruby-vips (2.1.4)
      ffi (~> 1.12)
    sassc (2.4.0)
      ffi (~> 1.9)
    sassc-rails (2.1.2)
      railties (>= 4.0.0)
      sassc (>= 2.0)
      sprockets (> 3.0)
      sprockets-rails
      tilt
    simple_form (5.1.0)
      actionpack (>= 5.2)
      activemodel (>= 5.2)
    spring (2.1.1)
    spring-watcher-listen (2.0.1)
      listen (>= 2.7, < 4.0)
      spring (>= 1.2, < 3.0)
    sprockets (4.1.1)
      concurrent-ruby (~> 1.0)
      rack (> 1, < 3)
    sprockets-rails (3.4.2)
      actionpack (>= 5.2)
      activesupport (>= 5.2)
      sprockets (>= 3.0.0)
    ssrf_filter (1.1.1)
    terrapin (0.6.0)
      climate_control (>= 0.0.3, < 1.0)
    thor (1.2.1)
    tilt (2.0.11)
    tzinfo (2.0.5)
      concurrent-ruby (~> 1.0)
    uglifier (4.2.0)
      execjs (>= 0.3.0, < 3)
    unf (0.1.4)
      unf_ext
    unf_ext (0.0.8.2)
    warden (1.2.9)
      rack (>= 2.0.9)
    web-console (4.2.0)
      actionview (>= 6.0.0)
      activemodel (>= 6.0.0)
      bindex (>= 0.4.0)
      railties (>= 6.0.0)
    webpacker (3.6.0)
      activesupport (>= 4.2)
      rack-proxy (>= 0.6.1)
      railties (>= 4.2)
    websocket-driver (0.7.5)
      websocket-extensions (>= 0.1.0)
    websocket-extensions (0.1.5)
    zeitwerk (2.6.1)

PLATFORMS
  arm64-darwin-21
  x86_64-linux

DEPENDENCIES
  autoprefixer-rails
  bootsnap
  bootstrap-sass (~> 3.3)
  bundler
  carrierwave
  cloudinary (~> 1.9.1)
  devise
  dotenv-rails
  font-awesome-sass (~> 5.5.0)
  jbuilder (~> 2.0)
  jquery-rails (~> 4.1, >= 4.1.1)
  listen (~> 3.0.5)
  mail_form
  mimemagic (~> 0.3.10)
  paperclip (~> 6.0.0)
  paperclip-av-transcoder
  pg (~> 1.0)
  pry-byebug
  pry-rails
  psych (< 4)
  puma
  rails (= 6.1.0)
  redis
  sassc-rails
  simple_form
  spring
  spring-watcher-listen (~> 2.0.0)
  uglifier
  web-console (>= 3.3.0)
  webpacker (~> 3.5)

RUBY VERSION
   ruby 3.1.2p20

BUNDLED WITH
   2.3.22
